GEM
  remote: https://rubygems.org/
  specs:
    SimpleOutput (1.0.0)

PLATFORMS
  ruby

DEPENDENCIES
  SimpleOutput
