GEM
  remote: https://rubygems.org/
  specs:
    SimpleOutput (1.1.1)
      gnuplot (~> 2.6, >= 2.6.2)
      json (~> 1.7, >= 1.7.7)
    gnuplot (2.6.2)
    json (1.8.1)

PLATFORMS
  ruby

DEPENDENCIES
  SimpleOutput (= 1.1.1)
